GEM
  remote: https://rubygems.org/
  specs:
    httparty (0.15.5)
      multi_xml (>= 0.5.2)
    multi_xml (0.6.0)
    oj (3.0.9)

PLATFORMS
  ruby

DEPENDENCIES
  httparty
  oj

BUNDLED WITH
   1.15.0
